PATH
  remote: .
  specs:
    redis-throttle (0.0.1)
      activesupport
      hiredis
      rack
      rack-throttle
      redis
      redis-namespace

GEM
  remote: http://rubygems.org/
  specs:
    activesupport (3.2.9)
      i18n (~> 0.6)
      multi_json (~> 1.0)
    coderay (1.0.8)
    diff-lcs (1.1.3)
    foreman (0.60.2)
      thor (>= 0.13.6)
    fuubar (1.1.0)
      rspec (~> 2.0)
      rspec-instafail (~> 0.2.0)
      ruby-progressbar (~> 1.0.0)
    growl (1.0.3)
    guard (1.5.4)
      listen (>= 0.4.2)
      lumberjack (>= 1.0.2)
      pry (>= 0.9.10)
      thor (>= 0.14.6)
    guard-rspec (2.3.1)
      guard (>= 1.1)
      rspec (~> 2.11)
    hashie (1.2.0)
    hiredis (0.4.5)
    i18n (0.6.1)
    listen (0.6.0)
    lumberjack (1.0.2)
    method_source (0.8.1)
    multi_json (1.4.0)
    pry (0.9.10)
      coderay (~> 1.0.5)
      method_source (~> 0.8)
      slop (~> 3.3.1)
    rack (1.4.1)
    rack-protection (1.2.0)
      rack
    rack-test (0.6.2)
      rack (>= 1.0)
    rack-throttle (0.3.0)
      rack (>= 1.0.0)
    rb-fsevent (0.9.2)
    redis (3.0.2)
    redis-namespace (1.2.1)
      redis (~> 3.0.0)
    rspec (2.12.0)
      rspec-core (~> 2.12.0)
      rspec-expectations (~> 2.12.0)
      rspec-mocks (~> 2.12.0)
    rspec-core (2.12.1)
    rspec-expectations (2.12.0)
      diff-lcs (~> 1.1.3)
    rspec-instafail (0.2.4)
    rspec-mocks (2.12.0)
    ruby-progressbar (1.0.2)
    sinatra (1.3.3)
      rack (~> 1.3, >= 1.3.6)
      rack-protection (~> 1.2)
      tilt (~> 1.3, >= 1.3.3)
    slop (3.3.3)
    thor (0.16.0)
    tilt (1.3.3)

PLATFORMS
  ruby

DEPENDENCIES
  foreman
  fuubar
  growl
  guard
  guard-rspec
  hashie
  rack-test
  rb-fsevent
  redis-throttle!
  rspec
  sinatra
